GEM
  remote: http://rubygems.org/
  specs:
    addressable (2.8.1)
      public_suffix (>= 2.0.2, < 6.0)
    diff-lcs (1.2.5)
    git (1.13.0)
      addressable (~> 2.8)
      rchardet (~> 1.8)
    jeweler2 (2.0.9)
      git (>= 1.2.5)
    json (1.8.1)
    public_suffix (5.0.1)
    rake (10.3.2)
    rchardet (1.8.0)
    rspec (3.1.0)
      rspec-core (~> 3.1.0)
      rspec-expectations (~> 3.1.0)
      rspec-mocks (~> 3.1.0)
    rspec-core (3.1.4)
      rspec-support (~> 3.1.0)
    rspec-expectations (3.1.1)
      diff-lcs (>= 1.2.0, < 2.0)
      rspec-support (~> 3.1.0)
    rspec-mocks (3.1.1)
      rspec-support (~> 3.1.0)
    rspec-support (3.1.0)

PLATFORMS
  java
  ruby

DEPENDENCIES
  jeweler2
  json
  rake
  rspec
